GEM
  remote: https://rubygems.org/
  specs:
    combine_pdf (1.0.16)
      ruby-rc4 (>= 0.1.5)
    mini_portile2 (2.5.1)
    mustermann (1.0.3)
    nokogiri (1.11.4)
      mini_portile2 (~> 2.5.0)
      racc (~> 1.4)
    racc (1.5.2)
    rack (2.0.7)
    rack-protection (2.0.5)
      rack
    rmagick (4.0.0)
    ruby-rc4 (0.1.5)
    sinatra (2.0.5)
      mustermann (~> 1.0)
      rack (~> 2.0)
      rack-protection (= 2.0.5)
      tilt (~> 2.0)
    sinatra-cross_origin (0.4.0)
    tilt (2.0.9)

PLATFORMS
  ruby

DEPENDENCIES
  combine_pdf (~> 1.0)
  nokogiri
  rmagick (~> 4.0)
  sinatra (~> 2.0)
  sinatra-cross_origin (~> 0.4.0)

BUNDLED WITH
   1.16.6
