GEM
  remote: https://rubygems.org/
  specs:
    combine_pdf (1.0.16)
      ruby-rc4 (>= 0.1.5)
    mustermann (1.0.3)
    rack (2.0.7)
    rack-protection (2.0.5)
      rack
    ruby-rc4 (0.1.5)
    sinatra (2.0.5)
      mustermann (~> 1.0)
      rack (~> 2.0)
      rack-protection (= 2.0.5)
      tilt (~> 2.0)
    sinatra-cors (1.1.0)
    tilt (2.0.9)

PLATFORMS
  ruby

DEPENDENCIES
  combine_pdf (~> 1.0)
  sinatra (~> 2.0)
  sinatra-cors (~> 1.1)

BUNDLED WITH
   1.16.6
