GEM
  remote: https://rubygems.org/
  specs:
    combine_pdf (1.0.16)
      ruby-rc4 (>= 0.1.5)
    mini_portile2 (2.4.0)
    mustermann (2.0.2)
      ruby2_keywords (~> 0.0.1)
    nokogiri (1.10.3)
      mini_portile2 (~> 2.4.0)
    rack (2.2.4)
    rack-protection (2.2.3)
      rack
    rmagick (4.0.0)
    ruby-rc4 (0.1.5)
    ruby2_keywords (0.0.5)
    sinatra (2.2.3)
      mustermann (~> 2.0)
      rack (~> 2.2)
      rack-protection (= 2.2.3)
      tilt (~> 2.0)
    sinatra-cross_origin (0.4.0)
    tilt (2.0.11)

PLATFORMS
  ruby

DEPENDENCIES
  combine_pdf (~> 1.0)
  nokogiri
  rmagick (~> 4.0)
  sinatra (~> 2.2)
  sinatra-cross_origin (~> 0.4.0)

BUNDLED WITH
   1.16.6
